GEM
  remote: http://rubygems.org/
  specs:
    binding_of_caller (0.7.2)
      debug_inspector (>= 0.0.1)
    coderay (1.1.0)
    debug_inspector (0.0.2)
    json (1.8.1)
    method_source (0.8.2)
    mini_portile (0.5.2)
    nokogiri (1.6.1)
      mini_portile (~> 0.5.0)
    pry (0.9.12.5)
      coderay (~> 1.0)
      method_source (~> 0.8)
      slop (~> 3.4)
    pry-developer_tools (0.1.1)
      pry (>= 0.9.8.pre, < 0.11)
    pry-highlight (0.0.1)
      coderay
      json
      nokogiri
      pry
    pry-nav (0.2.3)
      pry (~> 0.9.10)
    pry-stack_explorer (0.4.9.1)
      binding_of_caller (>= 0.7)
      pry (>= 0.9.11)
    slop (3.4.7)

PLATFORMS
  ruby

DEPENDENCIES
  json
  nokogiri
  pry
  pry-developer_tools
  pry-highlight
  pry-nav
  pry-stack_explorer
